GEM
  remote: https://rubygems.org/
  specs:
    byebug (9.0.6)
    coderay (1.1.1)
    erubis (2.7.0)
    flamegraph (0.9.5)
    kgio (2.11.0)
    method_source (0.8.2)
    mustermann (1.0.0)
    mysql2 (0.4.8)
    mysql2-cs-bind (0.0.6)
      mysql2
    pry (0.10.4)
      coderay (~> 1.1.0)
      method_source (~> 0.8.1)
      slop (~> 3.4)
    pry-byebug (3.4.2)
      byebug (~> 9.0)
      pry (~> 0.10)
    pry-doc (0.10.0)
      pry (~> 0.9)
      yard (~> 0.9)
    rack (2.0.3)
    rack-mini-profiler (0.10.5)
      rack (>= 1.2.0)
    rack-protection (2.0.0)
      rack
    raindrops (0.18.0)
    sinatra (2.0.0)
      mustermann (~> 1.0)
      rack (~> 2.0)
      rack-protection (= 2.0.0)
      tilt (~> 2.0)
    slop (3.6.0)
    stackprof (0.2.10)
    tilt (2.0.8)
    unicorn (5.3.0)
      kgio (~> 2.6)
      raindrops (~> 0.7)
    yard (0.9.9)

PLATFORMS
  ruby

DEPENDENCIES
  erubis
  flamegraph
  mysql2
  mysql2-cs-bind
  pry-byebug
  pry-doc
  rack-mini-profiler
  sinatra
  stackprof
  unicorn

BUNDLED WITH
   1.15.3
